GEM
  remote: https://rubygems.org/
  specs:
    actioncable (7.0.4.1)
      actionpack (= 7.0.4.1)
      activesupport (= 7.0.4.1)
      nio4r (~> 2.0)
      websocket-driver (>= 0.6.1)
    actionmailbox (7.0.4.1)
      actionpack (= 7.0.4.1)
      activejob (= 7.0.4.1)
      activerecord (= 7.0.4.1)
      activestorage (= 7.0.4.1)
      activesupport (= 7.0.4.1)
      mail (>= 2.7.1)
      net-imap
      net-pop
      net-smtp
    actionmailer (7.0.4.1)
      actionpack (= 7.0.4.1)
      actionview (= 7.0.4.1)
      activejob (= 7.0.4.1)
      activesupport (= 7.0.4.1)
      mail (~> 2.5, >= 2.5.4)
      net-imap
      net-pop
      net-smtp
      rails-dom-testing (~> 2.0)
    actionpack (7.0.4.1)
      actionview (= 7.0.4.1)
      activesupport (= 7.0.4.1)
      rack (~> 2.0, >= 2.2.0)
      rack-test (>= 0.6.3)
      rails-dom-testing (~> 2.0)
      rails-html-sanitizer (~> 1.0, >= 1.2.0)
    actiontext (7.0.4.1)
      actionpack (= 7.0.4.1)
      activerecord (= 7.0.4.1)
      activestorage (= 7.0.4.1)
      activesupport (= 7.0.4.1)
      globalid (>= 0.6.0)
      nokogiri (>= 1.8.5)
    actionview (7.0.4.1)
      activesupport (= 7.0.4.1)
      builder (~> 3.1)
      erubi (~> 1.4)
      rails-dom-testing (~> 2.0)
      rails-html-sanitizer (~> 1.1, >= 1.2.0)
    activejob (7.0.4.1)
      activesupport (= 7.0.4.1)
      globalid (>= 0.3.6)
    activemodel (7.0.4.1)
      activesupport (= 7.0.4.1)
    activerecord (7.0.4.1)
      activemodel (= 7.0.4.1)
      activesupport (= 7.0.4.1)
    activestorage (7.0.4.1)
      actionpack (= 7.0.4.1)
      activejob (= 7.0.4.1)
      activerecord (= 7.0.4.1)
      activesupport (= 7.0.4.1)
      marcel (~> 1.0)
      mini_mime (>= 1.1.0)
    activesupport (7.0.4.1)
      concurrent-ruby (~> 1.0, >= 1.0.2)
      i18n (>= 1.6, < 2)
      minitest (>= 5.1)
      tzinfo (~> 2.0)
    autoprefixer-rails (10.2.4.0)
      execjs
    bcrypt (3.1.16)
    binding_of_caller (1.0.0)
      debug_inspector (>= 0.0.1)
    bootstrap-sass (3.4.1)
      autoprefixer-rails (>= 5.2.1)
      sassc (>= 2.0.0)
    bootstrap-will_paginate (1.0.0)
      will_paginate
    builder (3.2.4)
    byebug (11.1.3)
    coffee-rails (5.0.0)
      coffee-script (>= 2.2.0)
      railties (>= 5.2.0)
    coffee-script (2.4.1)
      coffee-script-source
      execjs
    coffee-script-source (1.12.2)
    concurrent-ruby (1.1.10)
    crass (1.0.6)
    date (3.3.3)
    debug_inspector (1.0.0)
    diff-lcs (1.4.4)
    erubi (1.12.0)
    execjs (2.7.0)
    ffi (1.14.2)
    globalid (1.0.1)
      activesupport (>= 5.0)
    hirb (0.7.3)
    i18n (1.12.0)
      concurrent-ruby (~> 1.0)
    jbuilder (2.11.5)
      actionview (>= 5.0.0)
      activesupport (>= 5.0.0)
    jquery-rails (4.4.0)
      rails-dom-testing (>= 1, < 3)
      railties (>= 4.2.0)
      thor (>= 0.14, < 2.0)
    json (2.5.1)
    loofah (2.19.1)
      crass (~> 1.0.2)
      nokogiri (>= 1.5.9)
    mail (2.8.0.1)
      mini_mime (>= 0.1.1)
      net-imap
      net-pop
      net-smtp
    marcel (1.0.2)
    method_source (1.0.0)
    mini_mime (1.1.2)
    mini_portile2 (2.6.1)
    minitest (5.17.0)
    net-imap (0.3.4)
      date
      net-protocol
    net-pop (0.1.2)
      net-protocol
    net-protocol (0.2.1)
      timeout
    net-smtp (0.3.3)
      net-protocol
    nio4r (2.5.8)
    nokogiri (1.12.5)
      mini_portile2 (~> 2.6.1)
      racc (~> 1.4)
    pg (0.21.0)
    racc (1.6.2)
    rack (2.2.3)
    rack-test (2.0.2)
      rack (>= 1.3)
    rails (7.0.4.1)
      actioncable (= 7.0.4.1)
      actionmailbox (= 7.0.4.1)
      actionmailer (= 7.0.4.1)
      actionpack (= 7.0.4.1)
      actiontext (= 7.0.4.1)
      actionview (= 7.0.4.1)
      activejob (= 7.0.4.1)
      activemodel (= 7.0.4.1)
      activerecord (= 7.0.4.1)
      activestorage (= 7.0.4.1)
      activesupport (= 7.0.4.1)
      bundler (>= 1.15.0)
      railties (= 7.0.4.1)
    rails-controller-testing (1.0.5)
      actionpack (>= 5.0.1.rc1)
      actionview (>= 5.0.1.rc1)
      activesupport (>= 5.0.1.rc1)
    rails-dom-testing (2.0.3)
      activesupport (>= 4.2.0)
      nokogiri (>= 1.6)
    rails-html-sanitizer (1.4.4)
      loofah (~> 2.19, >= 2.19.1)
    rails_12factor (0.0.3)
      rails_serve_static_assets
      rails_stdout_logging
    rails_serve_static_assets (0.0.5)
    rails_stdout_logging (0.0.5)
    railties (7.0.4.1)
      actionpack (= 7.0.4.1)
      activesupport (= 7.0.4.1)
      method_source
      rake (>= 12.2)
      thor (~> 1.0)
      zeitwerk (~> 2.5)
    rake (13.0.6)
    rdoc (6.3.2)
    rspec (3.10.0)
      rspec-core (~> 3.10.0)
      rspec-expectations (~> 3.10.0)
      rspec-mocks (~> 3.10.0)
    rspec-core (3.10.1)
      rspec-support (~> 3.10.0)
    rspec-expectations (3.10.1)
      diff-lcs (>= 1.2.0, < 2.0)
      rspec-support (~> 3.10.0)
    rspec-mocks (3.10.2)
      diff-lcs (>= 1.2.0, < 2.0)
      rspec-support (~> 3.10.0)
    rspec-support (3.10.2)
    ruby (0.1.0)
    sass-rails (6.0.0)
      sassc-rails (~> 2.1, >= 2.1.1)
    sassc (2.4.0)
      ffi (~> 1.9)
    sassc-rails (2.1.2)
      railties (>= 4.0.0)
      sassc (>= 2.0)
      sprockets (> 3.0)
      sprockets-rails
      tilt
    sdoc (1.1.0)
      rdoc (>= 5.0)
    spring (2.1.1)
    sprockets (4.1.1)
      concurrent-ruby (~> 1.0)
      rack (> 1, < 3)
    sprockets-rails (3.4.2)
      actionpack (>= 5.2)
      activesupport (>= 5.2)
      sprockets (>= 3.0.0)
    sqlite3 (1.3.13)
    thor (1.2.1)
    tilt (2.0.10)
    timeout (0.3.1)
    turbolinks (5.2.1)
      turbolinks-source (~> 5.2)
    turbolinks-source (5.2.0)
    tzinfo (2.0.5)
      concurrent-ruby (~> 1.0)
    uglifier (4.2.0)
      execjs (>= 0.3.0, < 3)
    web-console (2.3.0)
      activemodel (>= 4.0)
      binding_of_caller (>= 0.7.2)
      railties (>= 4.0)
      sprockets-rails (>= 2.0, < 4.0)
    websocket-driver (0.7.5)
      websocket-extensions (>= 0.1.0)
    websocket-extensions (0.1.5)
    will_paginate (3.1.5)
    zeitwerk (2.6.6)

PLATFORMS
  ruby

DEPENDENCIES
  actionpack
  actionview
  activestorage
  activesupport
  bcrypt (~> 3.1.7)
  bootstrap-sass (>= 3.4.1)
  bootstrap-will_paginate (= 1.0.0)
  byebug
  coffee-rails (>= 4.0.0)
  hirb (~> 0.7.3)
  jbuilder (~> 2.0)
  jquery-rails (>= 4.2.0)
  json (>= 2.3.0)
  nokogiri (>= 1.10.4)
  pg (~> 0.21)
  rack (~> 2.2, >= 2.2.3)
  rails (~> 7.0)
  rails-controller-testing
  rails_12factor
  rspec
  ruby
  sass-rails (>= 4.0.0)
  sdoc (~> 1.1)
  spring
  sqlite3 (~> 1.3.6)
  turbolinks
  uglifier (>= 1.3.0)
  web-console (~> 2.0)
  websocket-extensions
  will_paginate (= 3.1.5)

BUNDLED WITH
   2.0.1
